GEM
  remote: https://rubygems.org/
  specs:
    bigdecimal (3.1.8)
    discourse_api (2.0.1)
      faraday (~> 2.7)
      faraday-follow_redirects
      faraday-multipart
      rack (>= 1.6)
    dotenv (3.1.2)
    faraday (2.9.1)
      faraday-net_http (>= 2.0, < 3.2)
    faraday-follow_redirects (0.3.0)
      faraday (>= 1, < 3)
    faraday-multipart (1.0.4)
      multipart-post (~> 2)
    faraday-net_http (3.1.0)
      net-http
    front_matter_parser (1.0.1)
    httparty (0.13.7)
      json (~> 1.8)
      multi_xml (>= 0.5.2)
    json (1.8.6)
    mime-types (3.5.2)
      mime-types-data (~> 3.2015)
    mime-types-data (3.2024.0604)
    multi_xml (0.7.1)
      bigdecimal (~> 3.1)
    multipart-post (2.4.1)
    net-http (0.4.1)
      uri
    rack (3.0.11)
    uri (0.13.0)
    yard (0.9.36)

PLATFORMS
  ruby
  x86_64-linux

DEPENDENCIES
  discourse_api
  dotenv
  front_matter_parser
  httparty (~> 0.13.7)
  mime-types
  yard

BUNDLED WITH
   2.5.10
