GEM
  remote: https://rubygems.org/
  specs:
    discourse_api (2.0.1)
      faraday (~> 2.7)
      faraday-follow_redirects
      faraday-multipart
      rack (>= 1.6)
    dotenv (3.1.2)
    faraday (2.9.1)
      faraday-net_http (>= 2.0, < 3.2)
    faraday-follow_redirects (0.3.0)
      faraday (>= 1, < 3)
    faraday-multipart (1.0.4)
      multipart-post (~> 2)
    faraday-net_http (3.1.0)
      net-http
    front_matter_parser (1.0.1)
    mime-types (3.5.2)
      mime-types-data (~> 3.2015)
    mime-types-data (3.2024.0604)
    mini_portile2 (2.8.7)
    multipart-post (2.4.1)
    net-http (0.4.1)
      uri
    rack (3.0.11)
    sqlite3 (2.0.2)
      mini_portile2 (~> 2.8.0)
    sqlite3 (2.0.2-x86_64-linux-gnu)
    uri (0.13.0)
    yard (0.9.36)

PLATFORMS
  ruby
  x86_64-linux

DEPENDENCIES
  discourse_api
  dotenv
  front_matter_parser
  mime-types
  sqlite3 (~> 2.0, >= 2.0.2)
  yard

BUNDLED WITH
   2.5.10
