GEM
  remote: https://rubygems.org/
  specs:
    bigdecimal (3.1.8)
    dotenv (3.1.2)
    front_matter_parser (1.0.1)
    httparty (0.13.7)
      json (~> 1.8)
      multi_xml (>= 0.5.2)
    json (1.8.6)
    multi_xml (0.7.1)
      bigdecimal (~> 3.1)
    yard (0.9.36)

PLATFORMS
  ruby
  x86_64-linux

DEPENDENCIES
  dotenv
  front_matter_parser
  httparty (~> 0.13.7)
  yard

BUNDLED WITH
   2.5.10
