GEM
  remote: https://rubygems.org/
  specs:
    dotenv (3.1.2)
    faraday (2.9.1)
      faraday-net_http (>= 2.0, < 3.2)
    faraday-net_http (3.1.0)
      net-http
    front_matter_parser (1.0.1)
    highline (1.7.10)
    mime-types (3.5.2)
      mime-types-data (~> 3.2015)
    mime-types-data (3.2024.0604)
    mini_portile2 (2.8.7)
    net-http (0.4.1)
      uri
    sqlite3 (2.0.2)
      mini_portile2 (~> 2.8.0)
    sqlite3 (2.0.2-x86_64-linux-gnu)
    uri (0.13.0)
    yard (0.9.36)

PLATFORMS
  ruby
  x86_64-linux

DEPENDENCIES
  dotenv
  faraday (~> 2.7, >= 2.7.11)
  front_matter_parser
  highline (~> 1.7, >= 1.7.8)
  mime-types
  sqlite3 (~> 2.0, >= 2.0.2)
  yard

BUNDLED WITH
   2.5.10
